GEM
  remote: https://rubygems.org/
  specs:
    dry-cli (0.7.0)
    redcarpet (3.5.1)

PLATFORMS
  x64-mingw32
  x86_64-darwin-20

DEPENDENCIES
  dry-cli (~> 0.7)
  redcarpet (~> 3.5.1)

RUBY VERSION
   ruby 2.7.4p191

BUNDLED WITH
   2.2.30
